GEM
  remote: http://rubygems.org/
  specs:
    haml (4.0.5)
      tilt
    json (1.8.1)
    tilt (2.0.1)

PLATFORMS
  ruby

DEPENDENCIES
  haml
  json
