GEM
  remote: http://rubygems.org/
  specs:
    addressable (2.3.6)
    crack (0.4.2)
      safe_yaml (~> 1.0.0)
    haml (4.0.5)
      tilt
    json (1.8.1)
    safe_yaml (1.0.4)
    tilt (2.0.1)
    vcr (2.9.3)
    webmock (1.20.0)
      addressable (>= 2.3.6)
      crack (>= 0.3.2)

PLATFORMS
  ruby

DEPENDENCIES
  haml
  json
  vcr
  webmock
